GIT
  remote: git://github.com/sunspot/sunspot.git
  revision: 87e29212527f6c0174c8c9531fe6865b2babb79a
  specs:
    sunspot_solr (2.0.0)

GIT
  remote: git://github.com/zheileman/sunspot_cell.git
  revision: 0c0b7f980b8c46bd272fe0a5a31d2c259bebe36e
  specs:
    sunspot_cell (0.1.2)
      sunspot (>= 1.3.0)

GIT
  remote: http://github.com/iain/http_accept_language.git
  revision: 7738e45ba154015597fca749b7d0257861c14a02
  specs:
    http_accept_language (2.0.0.pre)

GIT
  remote: https://github.com/mrcsparker/sunspot_cell_jars.git
  revision: 08a2d3ce9cc920c56d30c2e764be0a1e30fba4c3
  specs:
    sunspot_cell_jars (0.4)

GEM
  remote: http://rubygems.org/
  specs:
    actionmailer (3.2.11)
      actionpack (= 3.2.11)
      mail (~> 2.4.4)
    actionpack (3.2.11)
      activemodel (= 3.2.11)
      activesupport (= 3.2.11)
      builder (~> 3.0.0)
      erubis (~> 2.7.0)
      journey (~> 1.0.4)
      rack (~> 1.4.0)
      rack-cache (~> 1.2)
      rack-test (~> 0.6.1)
      sprockets (~> 2.2.1)
    active_utils (1.0.5)
      activesupport (>= 2.3.11)
      i18n
    activemodel (3.2.11)
      activesupport (= 3.2.11)
      builder (~> 3.0.0)
    activerecord (3.2.11)
      activemodel (= 3.2.11)
      activesupport (= 3.2.11)
      arel (~> 3.0.2)
      tzinfo (~> 0.3.29)
    activerecord-import (0.3.1)
      activerecord (~> 3.0)
      activerecord (~> 3.0)
    activeresource (3.2.11)
      activemodel (= 3.2.11)
      activesupport (= 3.2.11)
    activesupport (3.2.11)
      i18n (~> 0.6)
      multi_json (~> 1.0)
    airbrake (3.1.10)
      activesupport
      builder
      json
    ancestry (1.3.0)
      activerecord (>= 2.3.14)
    arel (3.0.2)
    audited (3.0.0)
    audited-activerecord (3.0.0)
      activerecord (~> 3.0)
      audited (= 3.0.0)
    bcrypt-ruby (3.0.1)
    better_errors (0.8.0)
      coderay (>= 1.0.0)
      erubis (>= 2.6.6)
    binding_of_caller (0.7.1)
      debug_inspector (>= 0.0.1)
    bitly (0.4.0)
      crack (>= 0.1.1)
    builder (3.0.4)
    climate_control (0.0.3)
      activesupport (>= 3.0)
    cocaine (0.5.1)
      climate_control (>= 0.0.3, < 1.0)
    coderay (1.0.9)
    countries (0.9.2)
      currencies (>= 0.4.0)
    crack (0.3.2)
    currencies (0.4.0)
    daemons (1.1.9)
    debug_inspector (0.0.2)
    deep_cloneable (1.4.1)
      rails
    delayed_job (3.0.5)
      activesupport (~> 3.0)
    delayed_job_active_record (0.4.4)
      activerecord (>= 2.1.0, < 4)
      delayed_job (~> 3.0)
    dynamic_sitemaps (1.0.8)
    email_veracity (0.6.0)
    erubis (2.7.0)
    execjs (1.4.0)
      multi_json (~> 1.0)
    fastercsv (1.5.5)
    fattr (2.2.1)
    geocoder (1.1.6)
    globalize3 (0.3.0)
      activemodel (>= 3.0.0)
      activerecord (>= 3.0.0)
      paper_trail (~> 2)
    highline (1.6.16)
    hike (1.2.1)
    i18n (0.6.4)
    journey (1.0.4)
    jquery-fileupload-rails (0.4.1)
      actionpack (>= 3.1)
      railties (>= 3.1)
    jquery-rails (2.0.2)
      railties (>= 3.2.0, < 5.0)
      thor (~> 0.14)
    json (1.7.7)
    libv8 (3.11.8.17)
    libxml-ruby (2.6.0)
    mail (2.4.4)
      i18n (>= 0.4.0)
      mime-types (~> 1.16)
      treetop (~> 1.4.8)
    mime-types (1.22)
    multi_json (1.7.2)
    mysql2 (0.3.11)
    net-sftp (2.1.1)
      net-ssh (>= 2.6.5)
    net-ssh (2.6.6)
    newrelic_rpm (3.6.0.78)
    nokogiri (1.5.9)
    options (2.3.0)
      fattr
    paper_trail (2.7.1)
      activerecord (~> 3.0)
      railties (~> 3.0)
    paperclip (3.0.4)
      activemodel (>= 3.0.0)
      activerecord (>= 3.0.0)
      activesupport (>= 3.0.0)
      cocaine (>= 0.0.2)
      mime-types
    polyglot (0.3.3)
    pr_geohash (1.0.0)
    prawn (0.8.4)
      prawn-core (>= 0.8.4, < 0.9)
      prawn-layout (>= 0.8.4, < 0.9)
      prawn-security (>= 0.8.4, < 0.9)
    prawn-core (0.8.4)
    prawn-layout (0.8.4)
    prawn-security (0.8.4)
    progress_bar (1.0.0)
      highline (~> 1.6.1)
      options (~> 2.3.0)
    rack (1.4.5)
    rack-cache (1.2)
      rack (>= 0.4)
    rack-ssl (1.3.3)
      rack
    rack-test (0.6.2)
      rack (>= 1.0)
    rails (3.2.11)
      actionmailer (= 3.2.11)
      actionpack (= 3.2.11)
      activerecord (= 3.2.11)
      activeresource (= 3.2.11)
      activesupport (= 3.2.11)
      bundler (~> 1.0)
      railties (= 3.2.11)
    rails3_acts_as_paranoid (0.2.5)
      activerecord (~> 3.2)
    railties (3.2.11)
      actionpack (= 3.2.11)
      activesupport (= 3.2.11)
      rack-ssl (~> 1.3.2)
      rake (>= 0.8.7)
      rdoc (~> 3.4)
      thor (>= 0.14.6, < 2.0)
    rake (10.0.4)
    rdoc (3.12.2)
      json (~> 1.4)
    redis (2.2.2)
    redis-store (1.0.0.1)
      redis (~> 2.2.1)
    ref (1.0.4)
    responds_to_parent (1.0.20091013)
    rsolr (1.0.8)
      builder (>= 2.1.2)
    sprockets (2.2.2)
      hike (~> 1.2)
      multi_json (~> 1.0)
      rack (~> 1.0)
      tilt (~> 1.1, != 1.3.0)
    sunspot (1.3.3)
      pr_geohash (~> 1.0)
      rsolr (~> 1.0.7)
    sunspot_rails (1.3.3)
      nokogiri
      sunspot (= 1.3.3)
    therubyracer (0.11.4)
      libv8 (~> 3.11.8.12)
      ref
    thor (0.18.1)
    tilt (1.3.6)
    treetop (1.4.12)
      polyglot
      polyglot (>= 0.3.1)
    tzinfo (0.3.37)
    uglifier (2.0.1)
      execjs (>= 0.3.0)
      multi_json (~> 1.0, >= 1.0.2)
    yaml_db (0.2.3)

PLATFORMS
  ruby

DEPENDENCIES
  active_utils
  activerecord-import
  airbrake
  ancestry
  audited-activerecord
  bcrypt-ruby
  better_errors
  binding_of_caller
  bitly (~> 0.4.0)
  countries
  daemons
  deep_cloneable (~> 1.4.0)
  delayed_job (~> 3.0.3)
  delayed_job_active_record
  dynamic_sitemaps
  email_veracity
  fastercsv (~> 1.5.4)
  geocoder
  globalize3 (~> 0.3.0)
  http_accept_language!
  jquery-fileupload-rails
  jquery-rails (= 2.0.2)
  libxml-ruby
  mysql2
  net-sftp
  newrelic_rpm
  nokogiri
  paperclip (~> 3.0.1)
  prawn (~> 0.8.4)
  progress_bar
  rails (= 3.2.11)
  rails3_acts_as_paranoid (~> 0.2.0)
  redis-store (~> 1.0.0)
  responds_to_parent (~> 1.0.20091013)
  rsolr (= 1.0.8)
  sunspot (~> 1.3.3)
  sunspot_cell!
  sunspot_cell_jars!
  sunspot_rails (~> 1.3.0)
  sunspot_solr!
  therubyracer
  uglifier (>= 1.0.3)
  yaml_db
